GEM
  remote: https://rubygems.org/
  specs:
    foreman (0.62.0)
      thor (>= 0.13.6)
    kgio (2.8.0)
    rack (1.5.2)
    raindrops (0.10.0)
    rake (10.0.4)
    thor (0.18.1)
    unicorn (4.6.2)
      kgio (~> 2.6)
      rack
      raindrops (~> 0.7)

PLATFORMS
  ruby

DEPENDENCIES
  foreman
  rack
  rake
  unicorn
