GEM
  remote: https://rubygems.org/
  specs:
    archive-tar-minitar (0.5.2)
    childprocess (0.3.6)
      ffi (~> 1.0, >= 1.0.6)
    erubis (2.7.0)
    ffi (1.1.5)
    foreman (0.60.2)
      thor (>= 0.13.6)
    i18n (0.6.1)
    json (1.5.4)
    kgio (2.7.4)
    log4r (1.1.10)
    net-scp (1.0.4)
      net-ssh (>= 1.99.1)
    net-ssh (2.2.2)
    rack (1.4.1)
    raindrops (0.10.0)
    rake (10.0.0)
    thor (0.16.0)
    unicorn (4.4.0)
      kgio (~> 2.6)
      rack
      raindrops (~> 0.7)
    vagrant (1.0.5)
      archive-tar-minitar (= 0.5.2)
      childprocess (~> 0.3.1)
      erubis (~> 2.7.0)
      i18n (~> 0.6.0)
      json (~> 1.5.1)
      log4r (~> 1.1.9)
      net-scp (~> 1.0.4)
      net-ssh (~> 2.2.2)

PLATFORMS
  ruby

DEPENDENCIES
  foreman
  rack
  rake
  unicorn
  vagrant
